GEM
  remote: http://rubygems.org/
  specs:
    activemodel (3.2.2)
      activesupport (= 3.2.2)
      builder (~> 3.0.0)
    activeresource (3.2.2)
      activemodel (= 3.2.2)
      activesupport (= 3.2.2)
    activesupport (3.2.2)
      i18n (~> 0.6)
      multi_json (~> 1.0)
    addressable (2.2.7)
    builder (3.0.0)
    em-websocket (0.3.6)
      addressable (>= 2.1.1)
      eventmachine (>= 0.12.9)
    eventmachine (0.12.10)
    flash_policy_server (0.0.9)
    i18n (0.6.0)
    multi_json (1.1.0)
    sqlite3 (1.3.5)

PLATFORMS
  ruby

DEPENDENCIES
  activeresource
  em-websocket
  eventmachine
  flash_policy_server
  sqlite3
