GEM
  remote: http://rubygems.org/
  specs:
    addressable (2.2.7)
    libwebsocket (0.1.3)
      addressable

PLATFORMS
  ruby

DEPENDENCIES
  libwebsocket
